NUGET
  remote: https://nuget.org/api/v2
  specs:
    BCrypt.Net (0.1.0)
    EventStore.Client (3.4.0)
    Fixie (1.0.0.41)
    FluentValidation (6.0.2)
    ImageProcessor (2.3.1)
    MarkdownSharp (1.13.0)
    Newtonsoft.Json (6.0.8.0)
    RavenDB.Client (3.0.30037)
    Should (1.1.20)
    Spark (1.8.1)
    structuremap (2.6.4.1)
  remote: https://www.myget.org/F/jakobsson/auth/b0e230b6-1bdb-4321-b6b8-5badc503887f/api/v2
  specs:
    UStack.Infrastructure (1.0.0.445)
      BCrypt.Net
      EventStore.Client
      Newtonsoft.Json
      structuremap (2.6.4.1)
      UStack.RequestGraph
    UStack.Infrastructure.RavenDB (1.0.0.445)
      RavenDB.Client
      structuremap (2.6.4.1)
      UStack.Infrastructure
    UStack.Infrastructure.Web (1.0.0.445)
      FluentValidation
      Spark
      UStack.Infrastructure.RavenDB
      UStack.RequestGraph
    UStack.RequestGraph (1.0.0.445)
