NUGET
  remote: https://nuget.org/api/v2
  specs:
    MarkdownSharp (1.13.0.0)
    Newtonsoft.Json (7.0.1)
