NUGET
  remote: https://nuget.org/api/v2
  specs:
    BCrypt.Net (0.1.0)
    EventStore.Client (3.3.1)
    Fixie (1.0.0.33)
    FluentValidation (5.6.2)
    ImageProcessor (2.3.1)
    MarkdownSharp (1.13.0)
    Newtonsoft.Json (6.0.8.0)
    RavenDB.Client (3.0.30000)
    Should (1.1.20)
    Spark (1.8.1)
    structuremap (2.6.4.1)
  remote: https://www.myget.org/F/jakobsson/api/v2
  specs:
    UStack.Infrastructure (0.0.0.414)
      BCrypt.Net
      EventStore.Client
      Newtonsoft.Json (>= 6.0.8.0)
      structuremap (>= 2.6.4.1)
      UStack.RequestGraph
    UStack.Infrastructure.RavenDB (0.0.0.414)
      RavenDB.Client
      structuremap
      UStack.Infrastructure
    UStack.Infrastructure.Web (0.0.0.414)
      FluentValidation
      Spark
      UStack.Infrastructure.RavenDB
      UStack.RequestGraph
    UStack.RequestGraph (0.0.0.414)
