NUGET
  remote: https://www.nuget.org/api/v2
  specs:
    BCrypt.Net (0.1)
    EventStore.Client (3.6)
    Fixie (1.0.1)
    FluentValidation (6.2.1)
    ImageProcessor (2.3.3)
    MarkdownSharp (1.13)
    Newtonsoft.Json (6.0.8)
    NLog (4.3.3)
    RavenDB.Client (3.0.30115)
    Should (1.1.20)
    Spark (1.8.1)
    structuremap (2.6.4.1)
  remote: https://www.myget.org/F/jajo/api/v2
  specs:
    UStack.Infrastructure (1.1.0.464)
      BCrypt.Net
      EventStore.Client
      Newtonsoft.Json
      structuremap (2.6.4.1)
      UStack.RequestGraph
    UStack.Infrastructure.RavenDB (1.1.0.464)
      RavenDB.Client
      structuremap (2.6.4.1)
      UStack.Infrastructure
    UStack.Infrastructure.Web (1.1.0.464)
      FluentValidation
      Spark
      UStack.Infrastructure.RavenDB
      UStack.RequestGraph
    UStack.RequestGraph (1.1.0.464)
